PATH
  remote: .
  specs:
    rails_admin_ui (0.1.0)

GEM
  remote: https://rubygems.org/
  specs:
    rake (13.0.1)

PLATFORMS
  ruby

DEPENDENCIES
  bundler (~> 2.0)
  rails_admin_ui!
  rake (~> 13.0)

BUNDLED WITH
   2.0.2
